GEM
  remote: http://rubygems.org/
  specs:
    archive-tar-minitar (0.5.2)
    flashsdk (1.1.36.pre)
      sprout (>= 1.1.18.pre)
    open4 (1.3.0)
    rake (10.1.0)
    rubyzip (1.0.0)
    sprout (1.1.19.pre)
      archive-tar-minitar
      open4 (>= 0.9.6)
      rubyzip (>= 1.0.0)

PLATFORMS
  ruby

DEPENDENCIES
  flashsdk (>= 1.0.0.pre)
  rake
  sprout (>= 1.1.19.pre)
